GEM
  remote: https://rubygems.org/
  specs:
    childprocess (0.9.0)
      ffi (~> 1.0, >= 1.0.11)
    ffi (1.12.2)
    ffi (1.12.2-x86-mingw32)
    rubyzip (1.3.0)
    selenium-webdriver (3.142.7)
      childprocess (>= 0.5, < 4.0)
      rubyzip (>= 1.2.2)

PLATFORMS
  ruby
  x86-mingw32

DEPENDENCIES
  selenium-webdriver

BUNDLED WITH
   1.17.3
